GEM
  remote: https://rubygems.org/
  specs:
    addressable (2.3.8)
    ast (2.1.0)
    astrolabe (1.3.1)
      parser (~> 2.2)
    faraday (0.9.2)
      multipart-post (>= 1.2, < 3)
    flay (2.6.1)
      ruby_parser (~> 3.0)
      sexp_processor (~> 4.0)
    gitlab (3.4.0)
      httparty
      terminal-table
    httparty (0.13.7)
      json (~> 1.8)
      multi_xml (>= 0.5.2)
    json (1.8.3)
    multi_xml (0.5.5)
    multipart-post (2.0.0)
    octokit (4.1.1)
      sawyer (~> 0.6.0, >= 0.5.3)
    parser (2.2.3.0)
      ast (>= 1.1, < 3.0)
    powerpack (0.1.1)
    pronto (0.5.3)
      gitlab (~> 3.4.0)
      octokit (~> 4.1.0)
      rugged (~> 0.23.0)
      thor (~> 0.19.0)
    pronto-flay (0.5.0)
      flay (~> 2.6.0)
      pronto (~> 0.5.0)
    pronto-rubocop (0.5.0)
      pronto (~> 0.5.0)
      rubocop (~> 0.35.0)
    rainbow (2.0.0)
    rubocop (0.35.1)
      astrolabe (~> 1.3)
      parser (>= 2.2.3.0, < 3.0)
      powerpack (~> 0.1)
      rainbow (>= 1.99.1, < 3.0)
      ruby-progressbar (~> 1.7)
      tins (<= 1.6.0)
    ruby-progressbar (1.7.5)
    ruby_parser (3.7.2)
      sexp_processor (~> 4.1)
    rugged (0.23.3)
    sawyer (0.6.0)
      addressable (~> 2.3.5)
      faraday (~> 0.8, < 0.10)
    sexp_processor (4.6.0)
    terminal-table (1.5.2)
    thor (0.19.1)
    tins (1.6.0)

PLATFORMS
  ruby

DEPENDENCIES
  pronto
  pronto-flay
  pronto-rubocop

BUNDLED WITH
   1.10.6
